GEM
  remote: https://rubygems.org/
  specs:
    puma (3.11.0)
    rack (2.0.3)

PLATFORMS
  ruby

DEPENDENCIES
  puma
  rack

BUNDLED WITH
   1.13.6
